PATH
  remote: .
  specs:
    customerio (0.3.0)
      httparty (>= 0.5, < 1.0)

GEM
  remote: https://rubygems.org/
  specs:
    diff-lcs (1.1.3)
    fakeweb (1.3.0)
    httparty (0.10.0)
      multi_json (~> 1.0)
      multi_xml
    multi_json (1.5.0)
    multi_xml (0.5.2)
    rake (0.9.2.2)
    rspec (2.8.0)
      rspec-core (~> 2.8.0)
      rspec-expectations (~> 2.8.0)
      rspec-mocks (~> 2.8.0)
    rspec-core (2.8.0)
    rspec-expectations (2.8.0)
      diff-lcs (~> 1.1.2)
    rspec-mocks (2.8.0)

PLATFORMS
  ruby

DEPENDENCIES
  customerio!
  fakeweb
  rake
  rspec
